GEM
  remote: https://rubygems.org/
  specs:
    activemodel (4.1.8)
      activesupport (= 4.1.8)
      builder (~> 3.1)
    activeresource (4.0.0)
      activemodel (~> 4.0)
      activesupport (~> 4.0)
      rails-observers (~> 0.1.1)
    activesupport (4.1.8)
      i18n (~> 0.6, >= 0.6.9)
      json (~> 1.7, >= 1.7.7)
      minitest (~> 5.1)
      thread_safe (~> 0.1)
      tzinfo (~> 1.1)
    builder (3.2.2)
    dotenv (1.0.2)
    i18n (0.6.11)
    json (1.8.1)
    minitest (5.4.3)
    rails-observers (0.1.2)
      activemodel (~> 4.0)
    rainbow (2.0.0)
    rb-readline (0.5.1)
    redis (3.2.0)
    redis-objects (1.0.1)
      redis (>= 3.0.2)
    thread_safe (0.3.4)
    tzinfo (1.2.2)
      thread_safe (~> 0.1)

PLATFORMS
  ruby

DEPENDENCIES
  activeresource
  activesupport
  dotenv
  rainbow
  rb-readline
  redis-objects
